PATH
  remote: .
  specs:
    rubillow (0.0.8)
      nokogiri (~> 1.6.8)

GEM
  remote: http://rubygems.org/
  specs:
    bluecloth (2.2.0)
    coveralls (0.8.14)
      json (>= 1.8, < 3)
      simplecov (~> 0.12.0)
      term-ansicolor (~> 1.3)
      thor (~> 0.19.1)
      tins (~> 1.6.0)
    diff-lcs (1.2.5)
    docile (1.1.5)
    json (2.0.1)
    mini_portile2 (2.1.0)
    nokogiri (1.6.8)
      mini_portile2 (~> 2.1.0)
      pkg-config (~> 1.1.7)
    pkg-config (1.1.7)
    rake (10.5.0)
    rspec (2.99.0)
      rspec-core (~> 2.99.0)
      rspec-expectations (~> 2.99.0)
      rspec-mocks (~> 2.99.0)
    rspec-core (2.99.2)
    rspec-expectations (2.99.2)
      diff-lcs (>= 1.1.3, < 2.0)
    rspec-mocks (2.99.4)
    simplecov (0.12.0)
      docile (~> 1.1.0)
      json (>= 1.8, < 3)
      simplecov-html (~> 0.10.0)
    simplecov-html (0.10.0)
    term-ansicolor (1.3.2)
      tins (~> 1.0)
    thor (0.19.1)
    tins (1.6.0)
    yard (0.9.0)

PLATFORMS
  ruby

DEPENDENCIES
  bluecloth (~> 2.2)
  coveralls (~> 0.6)
  rake (~> 10.0)
  rspec (~> 2.12)
  rubillow!
  simplecov (~> 0.7)
  yard (~> 0.8)

BUNDLED WITH
   1.12.5
